GIT
  remote: https://github.com/carrierwaveuploader/carrierwave.git
  revision: a4ed7cd7be94c8de5ed7ad6ce27a982399344aa7
  branch: 0.4-stable
  specs:
    carrierwave (0.4.10)

GEM
  remote: https://rubygems.org/
  remote: http://rubygems.org/
  specs:
    actionmailer (2.3.8)
      actionpack (= 2.3.8)
    actionpack (2.3.8)
      activesupport (= 2.3.8)
      rack (~> 1.1.0)
    activerecord (2.3.8)
      activesupport (= 2.3.8)
    activeresource (2.3.8)
      activesupport (= 2.3.8)
    activesupport (2.3.8)
    acts-as-taggable-on (2.0.0.rc1)
    acts_as_reportable (1.1.1)
      ruport (>= 1.6.0)
    akami (1.0.0)
      gyoku (>= 0.4.0)
    aws-sdk (1.3.4)
      httparty (~> 0.7)
      json (~> 1.4)
      nokogiri (>= 1.4.4)
      uuidtools (~> 2.1)
    builder (3.0.0)
    capistrano (2.5.19)
      highline
      net-scp (>= 1.0.0)
      net-sftp (>= 2.0.0)
      net-ssh (>= 2.0.14)
      net-ssh-gateway (>= 1.0.0)
    capistrano-ext (1.2.1)
      capistrano (>= 1.0.0)
    capistrano-puma (0.0.1)
    capistrano-rails (1.0.0)
      capistrano
    capistrano-rvm (0.0.3)
      capistrano
    chronic (0.6.5)
    cocaine (0.4.2)
    coderay (1.0.9)
    color (1.4.1)
    columnize (0.3.6)
    database_cleaner (0.6.7)
    faraday (0.8.7)
      multipart-post (~> 1.1)
    fastercsv (1.5.5)
    gyoku (0.4.4)
      builder (>= 2.1.2)
    hashie (2.0.5)
    highline (1.6.19)
    htmlentities (4.3.1)
    httparty (0.11.0)
      multi_json (~> 1.0)
      multi_xml (>= 0.5.2)
    httpauth (0.2.0)
    httpi (0.9.7)
      rack
    json (1.6.3)
    linecache (0.46)
      rbx-require-relative (> 0.0.4)
    mailfactory (1.4.0)
      mime-types (>= 1.13.1)
    method_source (0.8.2)
    mime-types (1.23)
    mocha (0.9.12)
    multi_json (1.7.7)
    multi_xml (0.5.4)
    multipart-post (1.2.0)
    mysql (2.7)
    net-scp (1.1.1)
      net-ssh (>= 2.6.5)
    net-sftp (2.1.2)
      net-ssh (>= 2.6.5)
    net-ssh (2.6.7)
    net-ssh-gateway (1.2.0)
      net-ssh (>= 2.6.5)
    nokogiri (1.4.7)
    nori (1.1.0)
    oauth (0.4.7)
    oauth2 (0.6.1)
      faraday (~> 0.7)
      httpauth (~> 0.1)
      multi_json (~> 1.3)
    omniauth (1.1.4)
      hashie (>= 1.2, < 3)
      rack
    omniauth-facebook (1.4.0)
      omniauth-oauth2 (~> 1.0.2)
    omniauth-google-oauth2 (0.1.19)
      omniauth (~> 1.0)
      omniauth-oauth2
    omniauth-oauth (1.0.1)
      oauth
      omniauth (~> 1.0)
    omniauth-oauth2 (1.0.2)
      oauth2 (~> 0.6.0)
      omniauth (~> 1.0)
    omniauth-twitter (0.0.17)
      multi_json (~> 1.3)
      omniauth-oauth (~> 1.0)
    paperclip (2.7.0)
      activerecord (>= 2.3.0)
      activesupport (>= 2.3.2)
      cocaine (>= 0.0.2)
      mime-types
    pdf-writer (1.1.8)
      color (>= 1.4.0)
      transaction-simple (~> 1.3)
    pry (0.9.12)
      coderay (~> 1.0.5)
      method_source (~> 0.8)
      slop (~> 3.4)
    puma (2.10.2)
      rack (>= 1.1, < 2.0)
    rack (1.1.6)
    rack-test (0.6.1)
      rack (>= 1.0)
    rails (2.3.8)
      actionmailer (= 2.3.8)
      actionpack (= 2.3.8)
      activerecord (= 2.3.8)
      activeresource (= 2.3.8)
      activesupport (= 2.3.8)
      rake (>= 0.8.3)
    rake (0.9.2.2)
    rbx-require-relative (0.0.9)
    rest-client (1.6.7)
      mime-types (>= 1.16)
    rspec (1.3.2)
    rspec-rails (1.3.2)
      rack (>= 1.0.0)
      rspec (>= 1.3.0)
    ruby-debug (0.10.4)
      columnize (>= 0.1)
      ruby-debug-base (~> 0.10.4.0)
    ruby-debug-base (0.10.4)
      linecache (>= 0.3)
    rubyzip (0.9.9)
    rufus-scheduler (2.0.7)
      tzinfo
    ruport (1.6.3)
      fastercsv
      pdf-writer (= 1.1.8)
    ruport-util (0.14.0)
      mailfactory (>= 1.2.3)
      rubyzip (>= 0.9.1)
      ruport (>= 1.6.0)
    savon (0.9.9)
      akami (~> 1.0)
      builder (>= 2.1.2)
      gyoku (>= 0.4.0)
      httpi (~> 0.9)
      nokogiri (>= 1.4.0)
      nori (~> 1.1)
      wasabi (~> 2.1)
    sinatra (1.2.8)
      rack (~> 1.1)
      tilt (>= 1.2.2, < 2.0)
    slop (3.6.0)
    tilt (1.4.1)
    transaction-simple (1.4.0.2)
    tzinfo (0.3.33)
    uuidtools (2.1.4)
    wasabi (2.1.0)
      nokogiri (>= 1.4.0)
    webrat (0.6.0)
      nokogiri (>= 1.2.0)
      rack (>= 1.0)
    whenever (0.8.2)
      activesupport (>= 2.3.4)
      chronic (>= 0.6.3)
    will_paginate (2.3.16)

PLATFORMS
  ruby

DEPENDENCIES
  acts-as-taggable-on (= 2.0.0.rc1)
  acts_as_reportable (= 1.1.1)
  aws-sdk (= 1.3.4)
  capistrano
  capistrano-ext (= 1.2.1)
  capistrano-puma
  capistrano-rails
  capistrano-rvm
  carrierwave!
  chronic (= 0.6.5)
  database_cleaner (= 0.6.7)
  htmlentities (= 4.3.1)
  json (= 1.6.3)
  mocha (= 0.9.12)
  mysql (= 2.7)
  nokogiri (= 1.4.7)
  omniauth (~> 1.0)
  omniauth-facebook
  omniauth-google-oauth2
  omniauth-twitter (= 0.0.17)
  paperclip (= 2.7.0)
  pry (= 0.9.12)
  puma
  rack-test (= 0.6.1)
  rails (= 2.3.8)
  rake (= 0.9.2.2)
  rest-client (= 1.6.7)
  rspec (= 1.3.2)
  rspec-rails (= 1.3.2)
  ruby-debug (= 0.10.4)
  rufus-scheduler (= 2.0.7)
  ruport (= 1.6.3)
  ruport-util (= 0.14.0)
  savon (= 0.9.9)
  sinatra (= 1.2.8)
  tzinfo (= 0.3.33)
  webrat (= 0.6.0)
  whenever
  will_paginate (= 2.3.16)
